GEM
  remote: https://rubygems.org/
  specs:
    coderay (1.1.3)
    concurrent-ruby (1.1.10)
    debase (0.2.4.1)
      debase-ruby_core_source (>= 0.10.2)
    debase-ruby_core_source (0.10.17)
    elastic-transport (8.1.0)
      faraday (< 3)
      multi_json
    elasticsearch (8.4.0)
      elastic-transport (~> 8)
      elasticsearch-api (= 8.4.0)
    elasticsearch-api (8.4.0)
      multi_json
    faraday (2.6.0)
      faraday-net_http (>= 2.0, < 3.1)
      ruby2_keywords (>= 0.0.4)
    faraday-net_http (3.0.1)
    json (2.6.2)
    method_source (1.0.0)
    multi_json (1.14.1)
    nokogiri (1.14.3-x86_64-linux)
      racc (~> 1.4)
    powerpack (0.1.2)
    pry (0.14.1)
      coderay (~> 1.1)
      method_source (~> 1.0)
    racc (1.6.2)
    rake (13.0.6)
    ruby-debug-ide (0.7.3)
      rake (>= 0.8.1)
    ruby2_keywords (0.0.5)
    sorbet (0.5.10501)
      sorbet-static (= 0.5.10501)
    sorbet-runtime (0.5.10501)
    sorbet-static (0.5.10501-x86_64-linux)

PLATFORMS
  x86_64-linux

DEPENDENCIES
  concurrent-ruby
  debase
  elasticsearch
  json
  multi_json (>= 1.14.1)
  nokogiri (>= 1.10.8)
  powerpack
  pry
  ruby-debug-ide
  sorbet (= 0.5.10501)
  sorbet-runtime (= 0.5.10501)

BUNDLED WITH
   2.0.2
