GEM
  remote: https://rubygems.org/
  specs:
    coderay (1.1.2)
    concurrent-ruby (1.0.5)
    debase (0.2.4)
      debase-ruby_core_source (>= 0.10.2)
    debase-ruby_core_source (0.10.9)
    elasticsearch (7.7.0)
      elasticsearch-api (= 7.7.0)
      elasticsearch-transport (= 7.7.0)
    elasticsearch-api (7.7.0)
      multi_json
    elasticsearch-transport (7.7.0)
      faraday (~> 1)
      multi_json
    faraday (1.0.1)
      multipart-post (>= 1.2, < 3)
    json (2.2.0)
    method_source (0.9.2)
    mini_portile2 (2.5.1)
    multi_json (1.14.1)
    multipart-post (2.1.1)
    nokogiri (1.11.4)
      mini_portile2 (~> 2.5.0)
      racc (~> 1.4)
    powerpack (0.1.2)
    pry (0.12.2)
      coderay (~> 1.1.0)
      method_source (~> 0.9.0)
    racc (1.5.2)
    rake (13.0.1)
    ruby-debug-ide (0.7.2)
      rake (>= 0.8.1)
    sorbet (0.4.4386)
      sorbet-static (= 0.4.4386)
    sorbet-runtime (0.4.4386)
    sorbet-static (0.4.4386-universal-darwin-14)
    sorbet-static (0.4.4386-universal-darwin-15)
    sorbet-static (0.4.4386-universal-darwin-16)
    sorbet-static (0.4.4386-universal-darwin-17)
    sorbet-static (0.4.4386-universal-darwin-18)
    sorbet-static (0.4.4386-universal-darwin-19)
    sorbet-static (0.4.4386-x86_64-linux)

PLATFORMS
  ruby

DEPENDENCIES
  concurrent-ruby
  debase
  elasticsearch
  json
  multi_json (>= 1.14.1)
  nokogiri (>= 1.10.8)
  powerpack
  pry
  ruby-debug-ide
  sorbet (= 0.4.4386)
  sorbet-runtime (= 0.4.4386)

BUNDLED WITH
   2.0.2
